GIT
  remote: https://github.com/vheuken/zombie_dice.git
  revision: ca93b5dd82673b222237b21de206722ffc2eed15
  specs:
    zombie_dice (0.0.1)

GEM
  remote: https://rubygems.org/
  specs:
    cinch (2.1.0)
    daemons (1.1.9)

PLATFORMS
  ruby

DEPENDENCIES
  cinch
  daemons
  zombie_dice!
