PATH
  remote: .
  specs:
    rateless_bot (0.3.2)
      cinch
      lastfm
      video_info

GEM
  remote: https://rubygems.org/
  specs:
    activesupport (4.2.1)
      i18n (~> 0.7)
      json (~> 1.7, >= 1.7.7)
      minitest (~> 5.1)
      thread_safe (~> 0.3, >= 0.3.4)
      tzinfo (~> 1.1)
    addressable (2.3.7)
    cinch (2.2.4)
    htmlentities (4.3.3)
    httparty (0.13.3)
      json (~> 1.8)
      multi_xml (>= 0.5.2)
    i18n (0.7.0)
    json (1.8.2)
    lastfm (1.26.0)
      activesupport (>= 3.2.0)
      httparty
      xml-simple
    minitest (5.5.1)
    multi_json (1.11.0)
    multi_xml (0.5.5)
    rake (10.4.2)
    thread_safe (0.3.5)
    tzinfo (1.2.2)
      thread_safe (~> 0.1)
    video_info (2.4.2)
      addressable
      htmlentities
      multi_json
    xml-simple (1.1.5)

PLATFORMS
  ruby

DEPENDENCIES
  bundler (~> 1.9)
  rake (~> 10.0)
  rateless_bot!
