GIT
  remote: https://github.com/vheuken/zombie_dice.git
  revision: ca93b5dd82673b222237b21de206722ffc2eed15
  specs:
    zombie_dice (0.0.1)

GEM
  remote: https://rubygems.org/
  specs:
    addressable (2.3.6)
    cinch (2.1.0)
    daemons (1.1.9)
    htmlentities (4.3.2)
    multi_json (1.10.1)
    video_info (2.3.2)
      addressable
      htmlentities
      multi_json

PLATFORMS
  ruby

DEPENDENCIES
  cinch
  daemons
  video_info
  zombie_dice!
