PATH
  remote: .
  specs:
    rateless_bot (0.4.1)
      cinch (= 2.3.2)
      countries (= 1.2.5)
      lastfm (= 1.27.1)
      open-weather (~> 0.12)
      video_info (= 2.6.1)

GEM
  remote: https://rubygems.org/
  specs:
    activesupport (5.0.0.1)
      concurrent-ruby (~> 1.0, >= 1.0.2)
      i18n (~> 0.7)
      minitest (~> 5.1)
      tzinfo (~> 1.1)
    ansi (1.5.0)
    ast (2.3.0)
    cinch (2.3.2)
    concurrent-ruby (1.0.2)
    countries (1.2.5)
      currencies (~> 0.4.2)
      i18n_data (~> 0.7.0)
    currencies (0.4.2)
    httparty (0.14.0)
      multi_xml (>= 0.5.2)
    i18n (0.7.0)
    i18n_data (0.7.0)
    iso8601 (0.9.1)
    json (1.8.3)
    lastfm (1.27.1)
      activesupport (>= 3.2.0)
      httparty
      xml-simple
    minitest (5.8.3)
    multi_xml (0.5.5)
    net_http_timeout_errors (0.3.0)
    oga (2.6)
      ast
      ruby-ll (~> 2.1)
    open-weather (0.12.0)
      json (~> 1)
    rake (10.4.2)
    ruby-ll (2.1.2)
      ansi
      ast
    thread_safe (0.3.5)
    tzinfo (1.2.2)
      thread_safe (~> 0.1)
    video_info (2.6.1)
      iso8601 (~> 0.9)
      net_http_timeout_errors (~> 0.3.0)
      oga (~> 2.2)
    xml-simple (1.1.5)

PLATFORMS
  ruby

DEPENDENCIES
  bundler (~> 1.9)
  rake (~> 10.0)
  rateless_bot!

BUNDLED WITH
   1.13.1
