GEM
  remote: https://rubygems.org/
  specs:
    activesupport (4.2.0)
      i18n (~> 0.7)
      json (~> 1.7, >= 1.7.7)
      minitest (~> 5.1)
      thread_safe (~> 0.3, >= 0.3.4)
      tzinfo (~> 1.1)
    addressable (2.3.6)
    cinch (2.1.0)
    daemons (1.1.9)
    htmlentities (4.3.2)
    httparty (0.13.3)
      json (~> 1.8)
      multi_xml (>= 0.5.2)
    i18n (0.7.0)
    json (1.8.2)
    lastfm (1.26.0)
      activesupport (>= 3.2.0)
      httparty
      xml-simple
    minitest (5.5.1)
    multi_json (1.10.1)
    multi_xml (0.5.5)
    thread_safe (0.3.5)
    tzinfo (1.2.2)
      thread_safe (~> 0.1)
    video_info (2.3.2)
      addressable
      htmlentities
      multi_json
    xml-simple (1.1.5)

PLATFORMS
  ruby

DEPENDENCIES
  cinch
  daemons
  lastfm
  video_info
