GIT
  remote: git://github.com/thibaudgg/video_info.git
  revision: 8fd843d64cad63a2b8077010032c526078e27272
  specs:
    video_info (2.4.2)
      addressable
      htmlentities
      iso8601
      multi_json (~> 1.11)
      oga
      open_uri_redirections

PATH
  remote: .
  specs:
    rateless_bot (0.3.3)
      cinch
      lastfm

GEM
  remote: https://rubygems.org/
  specs:
    activesupport (4.2.3)
      i18n (~> 0.7)
      json (~> 1.7, >= 1.7.7)
      minitest (~> 5.1)
      thread_safe (~> 0.3, >= 0.3.4)
      tzinfo (~> 1.1)
    addressable (2.3.8)
    ansi (1.5.0)
    ast (2.1.0)
    cinch (2.2.6)
    htmlentities (4.3.4)
    httparty (0.13.5)
      json (~> 1.8)
      multi_xml (>= 0.5.2)
    i18n (0.7.0)
    iso8601 (0.8.6)
    json (1.8.3)
    lastfm (1.27.0)
      activesupport (>= 3.2.0)
      httparty
      xml-simple
    minitest (5.8.0)
    multi_json (1.11.2)
    multi_xml (0.5.5)
    oga (1.2.1)
      ast
      ruby-ll (~> 2.1)
    open_uri_redirections (0.2.1)
    rake (10.4.2)
    ruby-ll (2.1.2)
      ansi
      ast
    thread_safe (0.3.5)
    tzinfo (1.2.2)
      thread_safe (~> 0.1)
    xml-simple (1.1.5)

PLATFORMS
  ruby

DEPENDENCIES
  bundler (~> 1.9)
  rake (~> 10.0)
  rateless_bot!
  video_info!

BUNDLED WITH
   1.10.6
